GEM
  remote: http://ruby.taobao.org/
  specs:
    activemodel (3.2.4)
      activesupport (= 3.2.4)
      builder (~> 3.0.0)
    activesupport (3.2.4)
      i18n (~> 0.6)
      multi_json (~> 1.0)
    awesome_print (1.1.0)
    beanstalk-client (1.1.1)
    builder (3.0.0)
    i18n (0.6.0)
    mongoid (3.0.0.rc)
      activemodel (~> 3.1)
      moped (~> 1.0.0.rc)
      origin (~> 1.0.0.rc)
      tzinfo (~> 0.3.22)
    moped (1.0.0.rc)
    multi_json (1.3.6)
    nokogiri (1.5.2)
    nokogiri (1.5.2-x86-mingw32)
    origin (1.0.0.rc)
    parallel-forkmanager (1.5.1)
    tzinfo (0.3.33)

PLATFORMS
  ruby
  x86-mingw32

DEPENDENCIES
  awesome_print
  beanstalk-client
  mongoid (~> 3.0.0.rc)
  nokogiri
  parallel-forkmanager
